PATH
  remote: .
  specs:
    redis-stream (0.4.4)
      moneta (~> 1.2)
      multi_json (~> 1.14)
      redis (= 4.1.3)
      zipkin (~> 1.6.1)

GEM
  remote: https://rubygems.org/
  specs:
    json (2.3.0)
    minitest (5.13.0)
    moneta (1.2.1)
    multi_json (1.14.1)
    opentracing (0.5.0)
    rake (13.0.1)
    redis (4.1.3)
    zipkin (1.6.1)
      json
      opentracing (~> 0.3)

PLATFORMS
  java
  ruby

DEPENDENCIES
  bundler (~> 2.0)
  minitest (~> 5.0)
  rake (~> 13.0)
  redis-stream!

BUNDLED WITH
   2.1.4
