PATH
  remote: .
  specs:
    redis-stream (0.4.0)
      moneta (~> 1.2)
      multi_json (~> 1.14)
      redis (= 4.1.3)
      zipkin-tracer (~> 0.43)

GEM
  remote: https://rubygems.org/
  specs:
    concurrent-ruby (1.1.5)
    faraday (0.17.3)
      multipart-post (>= 1.2, < 3)
    minitest (5.13.0)
    moneta (1.2.1)
    multi_json (1.14.1)
    multipart-post (2.1.1)
    rack (2.1.2)
    rake (10.5.0)
    redis (4.1.3)
    sucker_punch (2.1.2)
      concurrent-ruby (~> 1.0)
    zipkin-tracer (0.43.0)
      faraday (~> 0.13)
      rack (>= 1.0)
      sucker_punch (~> 2.0)

PLATFORMS
  java
  ruby

DEPENDENCIES
  bundler (~> 2.0)
  minitest (~> 5.0)
  rake (~> 10.0)
  redis-stream!

BUNDLED WITH
   2.1.4
